GEM
  remote: https://rubygems.org/
  specs:
    better_errors (2.9.1)
      coderay (>= 1.0.0)
      erubi (>= 1.0.0)
      rack (>= 0.9.0)
    coderay (1.1.3)
    erubi (1.9.0)
    rack (2.2.3)

PLATFORMS
  ruby

DEPENDENCIES
  better_errors

BUNDLED WITH
   2.1.4
